PATH
  remote: .
  specs:
    eldr-responders (0.0.1)
      eldr (~> 0.0)
      eldr-rendering (~> 0.0)
      eldr-sessions (~> 0.0)
      r18n-core (= 2.0.3)
      rack-accept (= 0.4.5)
      rack-flash3 (= 1.0.5)

GEM
  remote: https://rubygems.org/
  specs:
    activemodel (4.2.0)
      activesupport (= 4.2.0)
      builder (~> 3.1)
    activesupport (4.2.0)
      i18n (~> 0.7)
      json (~> 1.7, >= 1.7.7)
      minitest (~> 5.1)
      thread_safe (~> 0.3, >= 0.3.4)
      tzinfo (~> 1.1)
    ast (2.0.0)
    astrolabe (1.3.0)
      parser (>= 2.2.0.pre.3, < 3.0)
    bson (1.11.1)
    bson_ext (1.11.1)
      bson (~> 1.11.1)
    builder (3.2.2)
    coveralls (0.7.3)
      multi_json (~> 1.10)
      rest-client (~> 1.7)
      simplecov (~> 0.9.1)
      term-ansicolor (~> 1.3)
      thor (~> 0.19.1)
    diff-lcs (1.2.5)
    docile (1.1.5)
    eldr (0.0.3)
      fast_blank (= 0.0.2)
      mustermann (= 0.4.0)
      rack (~> 1.5)
    eldr-rendering (0.0.1)
      activesupport (~> 4.2)
      eldr (~> 0.0)
      tilt (~> 1.4)
    eldr-sessions (0.0.1)
      eldr (~> 0.0)
    fast_blank (0.0.2)
    i18n (0.7.0)
    json (1.8.2)
    mime-types (2.4.3)
    minitest (5.5.1)
    mongo (1.11.1)
      bson (= 1.11.1)
    mongo_mapper (0.13.1)
      activemodel (>= 3.0.0)
      activesupport (>= 3.0)
      mongo (~> 1.8)
      plucky (~> 0.6.5)
    multi_json (1.10.1)
    mustermann (0.4.0)
      tool (~> 0.2)
    netrc (0.10.2)
    oat (0.4.5)
      activesupport
    parser (2.2.0.2)
      ast (>= 1.1, < 3.0)
    plucky (0.6.6)
      mongo (~> 1.5)
    powerpack (0.0.9)
    r18n-core (2.0.3)
    rack (1.6.0)
    rack-accept (0.4.5)
      rack (>= 0.4)
    rack-flash3 (1.0.5)
      rack
    rack-test (0.6.3)
      rack (>= 1.0)
    rainbow (2.0.0)
    rake (10.4.2)
    rest-client (1.7.2)
      mime-types (>= 1.16, < 3.0)
      netrc (~> 0.7)
    rspec (3.1.0)
      rspec-core (~> 3.1.0)
      rspec-expectations (~> 3.1.0)
      rspec-mocks (~> 3.1.0)
    rspec-core (3.1.7)
      rspec-support (~> 3.1.0)
    rspec-expectations (3.1.2)
      diff-lcs (>= 1.2.0, < 2.0)
      rspec-support (~> 3.1.0)
    rspec-mocks (3.1.3)
      rspec-support (~> 3.1.0)
    rspec-support (3.1.2)
    rubocop (0.28.0)
      astrolabe (~> 1.3)
      parser (>= 2.2.0.pre.7, < 3.0)
      powerpack (~> 0.0.6)
      rainbow (>= 1.99.1, < 3.0)
      ruby-progressbar (~> 1.4)
    ruby-progressbar (1.7.1)
    simplecov (0.9.1)
      docile (~> 1.1.0)
      multi_json (~> 1.0)
      simplecov-html (~> 0.8.0)
    simplecov-html (0.8.0)
    slim (3.0.1)
      temple (~> 0.7.3)
      tilt (>= 1.3.3, < 2.1)
    temple (0.7.5)
    term-ansicolor (1.3.0)
      tins (~> 1.0)
    thor (0.19.1)
    thread_safe (0.3.4)
    tilt (1.4.1)
    tins (1.3.3)
    tool (0.2.3)
    tzinfo (1.2.2)
      thread_safe (~> 0.1)

PLATFORMS
  ruby

DEPENDENCIES
  bson_ext (= 1.11.1)
  bundler (~> 1.7)
  coveralls (~> 0.7)
  eldr-responders!
  mongo_mapper (= 0.13.1)
  oat (= 0.4.5)
  rack-test (= 0.6.3)
  rake (= 10.4.2)
  rspec (= 3.1.0)
  rubocop (= 0.28.0)
  slim (= 3.0.1)
